GEM
  remote: https://rubygems.org/
  specs:
    phantomjs (2.1.1.0)
    rack (1.6.4)
    rack-protection (1.5.3)
      rack
    screencap (0.1.4)
      phantomjs
    sinatra (1.4.7)
      rack (~> 1.5)
      rack-protection (~> 1.4)
      tilt (>= 1.3, < 3)
    tilt (2.0.5)

PLATFORMS
  ruby

DEPENDENCIES
  screencap
  sinatra

RUBY VERSION
   ruby 2.2.3p173

BUNDLED WITH
   1.12.5
