GEM
  remote: https://rubygems.org/
  specs:
    dotenv (2.1.1)
    rack (1.6.4)
    rack-protection (1.5.3)
      rack
    sinatra (1.4.7)
      rack (~> 1.5)
      rack-protection (~> 1.4)
      tilt (>= 1.3, < 3)
    sinatra-cross_origin (0.3.2)
    tilt (2.0.5)

PLATFORMS
  ruby

DEPENDENCIES
  dotenv
  sinatra
  sinatra-cross_origin (~> 0.3.1)

RUBY VERSION
   ruby 2.2.3p173

BUNDLED WITH
   1.12.5
